GEM
  remote: https://rubygems.org/
  specs:
    json (1.8.3)
    rack (1.6.4)
    rack-test (0.6.3)
      rack (>= 1.0)
    rake (11.1.2)
    sinatra (1.1.0)
      rack (~> 1.1)
      tilt (~> 1.1)
    tilt (1.4.1)

PLATFORMS
  ruby

DEPENDENCIES
  json
  rack-test
  rake
  sinatra (= 1.1.0)

BUNDLED WITH
   1.11.2
